GEM
  remote: http://rubygems.org/
  specs:
    adsf (1.2.1)
      rack (>= 1.0.0)
    builder (3.2.2)
    coderay (1.1.1)
    colored (1.2)
    concurrent-ruby (1.0.2)
    cri (2.7.0)
      colored (~> 1.2)
    daemons (1.2.4)
    eventmachine (1.2.0.1)
    fssm (0.2.10)
    hamster (3.0.0)
      concurrent-ruby (~> 1.0)
    htmlentities (4.3.4)
    kramdown (0.13.8)
    mime-types (1.25.1)
    mini_portile2 (2.1.0)
    nanoc (4.2.4)
      cri (~> 2.3)
      hamster (~> 3.0)
      ref (~> 2.0)
    nokogiri (1.6.8)
      mini_portile2 (~> 2.1.0)
      pkg-config (~> 1.1.7)
    pkg-config (1.1.7)
    posix-spawn (0.3.11)
    pygments.rb (0.6.3)
      posix-spawn (~> 0.3.6)
      yajl-ruby (~> 1.2.0)
    rack (2.0.1)
    rake (12.3.3)
    rdiscount (2.2.0.1)
    ref (2.0.0)
    thin (1.7.0)
      daemons (~> 1.0, >= 1.0.9)
      eventmachine (~> 1.0, >= 1.0.4)
      rack (>= 1, < 3)
    yajl-ruby (1.2.1)

PLATFORMS
  ruby

DEPENDENCIES
  adsf
  builder
  coderay
  fssm
  htmlentities (~> 4.3.1)
  kramdown (~> 0.13.2)
  mime-types (~> 1.16)
  nanoc
  nokogiri
  pygments.rb
  rake (~> 12.3.3)
  rdiscount
  thin
  yajl-ruby

BUNDLED WITH
   1.12.5
