GEM
  remote: http://rubygems.org/
  specs:
    adsf (1.4.6)
      rack (>= 1.0.0, < 3.0.0)
    builder (3.2.4)
    coderay (1.1.3)
    daemons (1.3.1)
    eventmachine (1.2.7)
    fssm (0.2.10)
    htmlentities (4.3.4)
    kramdown (0.13.8)
    mime-types (1.25.1)
    mini_portile2 (2.8.0)
    multi_json (1.14.1)
    nanoc (3.0.9)
      nanoc3 (>= 3.0.9)
    nanoc3 (3.0.9)
    nokogiri (1.13.9)
      mini_portile2 (~> 2.8.0)
      racc (~> 1.4)
    pygments.rb (1.2.1)
      multi_json (>= 1.0.0)
    racc (1.6.0)
    rack (2.2.4)
    rake (12.3.3)
    rdiscount (2.2.0.2)
    thin (1.8.1)
      daemons (~> 1.0, >= 1.0.9)
      eventmachine (~> 1.0, >= 1.0.4)
      rack (>= 1, < 3)
    yajl-ruby (1.4.1)

PLATFORMS
  ruby

DEPENDENCIES
  adsf
  builder
  coderay
  fssm
  htmlentities (~> 4.3.1)
  kramdown (~> 0.13.2)
  mime-types (~> 1.16)
  nanoc
  nokogiri
  pygments.rb
  rake (~> 12.3.3)
  rdiscount
  thin
  yajl-ruby

BUNDLED WITH
   2.0.2
