GEM
  remote: http://rubygems.org/
  specs:
    adsf (1.2.0)
      rack (>= 1.0.0)
    builder (3.2.2)
    coderay (1.1.0)
    colored (1.2)
    cri (2.6.1)
      colored (~> 1.2)
    daemons (1.2.2)
    eventmachine (1.0.7)
    fssm (0.2.10)
    htmlentities (4.3.3)
    kramdown (0.13.8)
    mime-types (1.25.1)
    nanoc (3.7.5)
      cri (~> 2.3)
    nokogiri (1.4.7)
    posix-spawn (0.3.10)
    pygments.rb (0.6.3)
      posix-spawn (~> 0.3.6)
      yajl-ruby (~> 1.2.0)
    rack (1.6.0)
    rake (0.9.6)
    rdiscount (2.1.8)
    thin (1.6.3)
      daemons (~> 1.0, >= 1.0.9)
      eventmachine (~> 1.0)
      rack (~> 1.0)
    yajl-ruby (1.2.1)

PLATFORMS
  ruby

DEPENDENCIES
  adsf
  builder
  coderay
  fssm
  htmlentities (~> 4.3.1)
  kramdown (~> 0.13.2)
  mime-types (~> 1.16)
  nanoc (~> 3.7.5)
  nokogiri (~> 1.4.4)
  pygments.rb
  rake (~> 0.9.2)
  rdiscount
  thin
